GEM
  remote: http://rubygems.org/
  specs:
    activemodel (3.2.1)
      activesupport (= 3.2.1)
      builder (~> 3.0.0)
    activeresource (3.2.1)
      activemodel (= 3.2.1)
      activesupport (= 3.2.1)
    activesupport (3.2.1)
      i18n (~> 0.6)
      multi_json (~> 1.0)
    addressable (2.2.7)
    builder (3.0.0)
    diff-lcs (1.1.3)
    git (1.2.5)
    hashie (1.2.0)
    i18n (0.6.0)
    jeweler (1.6.4)
      bundler (~> 1.0)
      git (>= 1.2.5)
      rake
    lighthouse-api (2.0)
      activeresource (>= 3.0.0)
      activesupport (>= 3.0.0)
    multi_json (1.0.4)
    rake (0.9.2.2)
    rcov (1.0.0)
    rspec (2.8.0)
      rspec-core (~> 2.8.0)
      rspec-expectations (~> 2.8.0)
      rspec-mocks (~> 2.8.0)
    rspec-core (2.8.0)
    rspec-expectations (2.8.0)
      diff-lcs (~> 1.1.2)
    rspec-mocks (2.8.0)
    simplecov (0.5.4)
      multi_json (~> 1.0.3)
      simplecov-html (~> 0.5.3)
    simplecov-html (0.5.3)
    ticketmaster (0.6.10)
      activeresource (~> 3.0)
      activesupport (~> 3.0)
      hashie (~> 1.2)
    xml-simple (1.1.1)

PLATFORMS
  ruby

DEPENDENCIES
  addressable (~> 2.2)
  bundler (~> 1.1)
  jeweler (~> 1.6)
  lighthouse-api (~> 2.0)
  rcov (~> 1.0)
  rspec (~> 2.8)
  simplecov (~> 0.5)
  ticketmaster (= 0.6.10)
  xml-simple (~> 1.1)
